PATH
  remote: .
  specs:
    bitstamper (0.1.0)
      faraday (>= 0.13)
      faraday_middleware (>= 0.12.2)
      pusher-client (>= 0.6.2)
      ruby-hmac (>= 0.4.0)

GEM
  remote: https://rubygems.org/
  specs:
    addressable (2.5.2)
      public_suffix (>= 2.0.2, < 4.0)
    crack (0.4.3)
      safe_yaml (~> 1.0.0)
    diff-lcs (1.3)
    faraday (0.14.0)
      multipart-post (>= 1.2, < 3)
    faraday_middleware (0.12.2)
      faraday (>= 0.7.4, < 1.0)
    hashdiff (0.3.7)
    json (2.1.0)
    multipart-post (2.0.0)
    public_suffix (3.0.1)
    pusher-client (0.6.2)
      json
      websocket (~> 1.0)
    rake (10.5.0)
    rdoc (6.0.1)
    rspec (3.7.0)
      rspec-core (~> 3.7.0)
      rspec-expectations (~> 3.7.0)
      rspec-mocks (~> 3.7.0)
    rspec-core (3.7.1)
      rspec-support (~> 3.7.0)
    rspec-expectations (3.7.0)
      diff-lcs (>= 1.2.0, < 2.0)
      rspec-support (~> 3.7.0)
    rspec-mocks (3.7.0)
      diff-lcs (>= 1.2.0, < 2.0)
      rspec-support (~> 3.7.0)
    rspec-support (3.7.0)
    ruby-hmac (0.4.0)
    safe_yaml (1.0.4)
    vcr (4.0.0)
    webmock (3.3.0)
      addressable (>= 2.3.6)
      crack (>= 0.3.2)
      hashdiff
    websocket (1.2.5)

PLATFORMS
  ruby

DEPENDENCIES
  bitstamper!
  bundler (~> 1.16)
  rake (~> 10.0)
  rdoc (~> 6.0)
  rspec (~> 3.0)
  vcr (~> 4.0)
  webmock (~> 3.1)

BUNDLED WITH
   1.16.1
